PATH
  remote: .
  specs:
    pixelflow_canvas (0.3.0)

GEM
  remote: https://rubygems.org/
  specs:
    rake (13.2.1)

PLATFORMS
  ruby
  x86_64-linux

DEPENDENCIES
  pixelflow_canvas!
  rake (~> 13.0)

BUNDLED WITH
   2.5.22
